GIT
  remote: git://github.com/krakatoa/icmp4em.git
  revision: 0adcd51c57c328bb975daa4916ed8e5debc96a22
  ref: 0adcd51c57c328bb975daa4916ed8e5debc96a22
  specs:
    icmp4em (0.0.3)
      eventmachine

GEM
  remote: https://rubygems.org/
  specs:
    activesupport (5.1.2)
      concurrent-ruby (~> 1.0, >= 1.0.2)
      i18n (~> 0.7)
      minitest (~> 5.1)
      tzinfo (~> 1.1)
    concurrent-ruby (1.0.5)
    daemons (1.2.4)
    diff-lcs (1.2.5)
    em-pg-client (0.3.4)
      eventmachine (~> 1.0.0)
      pg (>= 0.17.0)
    eventmachine (1.0.9.1)
    factory_girl (4.8.0)
      activesupport (>= 3.0.0)
    factory_girl_sequences (4.8.0)
      activesupport (>= 4.2)
      factory_girl (~> 4.0)
    fakeweb (1.3.0)
    foreman (0.84.0)
      thor (~> 0.19.1)
    i18n (0.8.4)
    metaclass (0.0.4)
    minitest (5.10.2)
    minitest-hooks (1.4.0)
    minitest-stub-const (0.6)
    mocha (1.2.1)
      metaclass (~> 0.0.1)
    multi_json (1.12.1)
    mustermann (1.0.0)
    oj (3.2.0)
    oj_mimic_json (1.0.1)
    pg (0.21.0)
    predicated (0.2.6)
    rack (2.0.3)
    rack-protection (2.0.0)
      rack
    rack-test (0.6.3)
      rack (>= 1.0)
    rake (12.0.0)
    ruby2ruby (2.3.2)
      ruby_parser (~> 3.1)
      sexp_processor (~> 4.6)
    ruby_parser (3.9.0)
      sexp_processor (~> 4.1)
    sequel (4.48.0)
    sexp_processor (4.9.0)
    sinatra (2.0.0)
      mustermann (~> 1.0)
      rack (~> 2.0)
      rack-protection (= 2.0.0)
      tilt (~> 2.0)
    thin (1.7.1)
      daemons (~> 1.0, >= 1.0.9)
      eventmachine (~> 1.0, >= 1.0.4)
      rack (>= 1, < 3)
    thor (0.19.4)
    thread_safe (0.3.6)
    tilt (2.0.7)
    tzinfo (1.2.3)
      thread_safe (~> 0.1)
    websocket (1.2.4)
    websocket-eventmachine-base (1.2.0)
      eventmachine (~> 1.0)
      websocket (~> 1.0)
      websocket-native (~> 1.0)
    websocket-eventmachine-client (1.2.0)
      websocket-eventmachine-base (~> 1.0)
    websocket-eventmachine-server (1.0.1)
      websocket-eventmachine-base (~> 1.0)
    websocket-native (1.0.0)
    wrong (0.7.1)
      diff-lcs (~> 1.2.5)
      predicated (~> 0.2.6)
      ruby2ruby (>= 2.0.1)
      ruby_parser (>= 3.0.1)
      sexp_processor (>= 4.0)

PLATFORMS
  ruby

DEPENDENCIES
  em-pg-client (~> 0.3.4)
  eventmachine
  factory_girl
  factory_girl_sequences
  fakeweb
  foreman
  icmp4em!
  minitest
  minitest-hooks
  minitest-stub-const
  mocha
  multi_json
  oj
  oj_mimic_json
  rack-test
  rake
  sequel
  sinatra
  thin
  websocket-eventmachine-client
  websocket-eventmachine-server
  wrong

RUBY VERSION
   ruby 2.4.0p0

BUNDLED WITH
   1.15.1
